PATH
  remote: .
  specs:
    best_coffee_cinci (0.1.0)
      nokogiri
      true

GEM
  remote: https://rubygems.org/
  specs:
    coderay (1.1.2)
    ffi (1.12.2)
    method_source (1.0.0)
    mini_portile2 (2.4.0)
    nokogiri (1.10.9)
      mini_portile2 (~> 2.4.0)
    pry (0.13.1)
      coderay (~> 1.1)
      method_source (~> 1.0)
    rake (12.3.3)
    rb-fsevent (0.10.4)
    rb-inotify (0.10.1)
      ffi (~> 1.0)
    sass (3.7.4)
      sass-listen (~> 4.0.0)
    sass-listen (4.0.0)
      rb-fsevent (~> 0.9, >= 0.9.4)
      rb-inotify (~> 0.9, >= 0.9.7)
    true (2.2.2)
      sass (~> 3.4)
    word_wrap (1.0.0)

PLATFORMS
  ruby

DEPENDENCIES
  best_coffee_cinci!
  bundler (~> 2.0)
  pry
  rake (~> 12.3.3)
  word_wrap

BUNDLED WITH
   2.1.4
