PATH
  remote: .
  specs:
    best_coffee_cinci (0.1.0)

GEM
  remote: https://rubygems.org/
  specs:
    rake (10.5.0)
    

PLATFORMS
  ruby

DEPENDENCIES
  best_coffee_cinci!
  bundler (~> 2.0)
  rake (~> 12.3.3)

BUNDLED WITH
   2.0.1
